PATH
  remote: .
  specs:
    ixyml (0.0.2)

GEM
  remote: https://rubygems.org/
  specs:
    activesupport (4.0.0)
      i18n (~> 0.6, >= 0.6.4)
      minitest (~> 4.2)
      multi_json (~> 1.3)
      thread_safe (~> 0.1)
      tzinfo (~> 0.3.37)
    ansi (1.4.3)
    atomic (1.1.13)
    i18n (0.6.5)
    json (1.8.0)
    minitest (4.7.5)
    multi_json (1.7.9)
    rubytest (0.7.0)
      ansi
    shoulda (3.5.0)
      shoulda-context (~> 1.0, >= 1.0.1)
      shoulda-matchers (>= 1.4.1, < 3.0)
    shoulda-context (1.1.5)
    shoulda-matchers (2.3.0)
      activesupport (>= 3.0.0)
    test (1.0.0)
      rubytest
    thread_safe (0.1.2)
      atomic
    tzinfo (0.3.37)
    unit (0.4.1)

PLATFORMS
  ruby

DEPENDENCIES
  ixyml!
  json
  shoulda
  test
  unit
